GIT
  remote: git://github.com/premailer/css_parser.git
  revision: 75ead6c9e7d8babd1f192d235eea16fc6ab2e8e4
  specs:
    css_parser (1.4.5)
      addressable

PATH
  remote: .
  specs:
    premailer (1.8.7)
      css_parser (>= 1.4.5)
      htmlentities (>= 4.0.0)

GEM
  remote: https://rubygems.org/
  specs:
    addressable (2.4.0)
    coveralls (0.8.13)
      json (~> 1.8)
      simplecov (~> 0.11.0)
      term-ansicolor (~> 1.3)
      thor (~> 0.19.1)
      tins (~> 1.6.0)
    crack (0.4.3)
      safe_yaml (~> 1.0.0)
    docile (1.1.5)
    hashdiff (0.3.0)
    hpricot (0.8.6)
    htmlentities (4.3.4)
    json (1.8.3)
    maxitest (2.0.1)
      minitest (>= 5.0.0, < 5.10.0)
    mini_portile2 (2.1.0)
    minitest (5.9.0)
    nokogiri (1.6.8)
      mini_portile2 (~> 2.1.0)
      pkg-config (~> 1.1.7)
    nokogumbo (1.4.7)
      nokogiri
    pkg-config (1.1.7)
    rake (11.2.2)
    redcarpet (3.3.4)
    safe_yaml (1.0.4)
    simplecov (0.11.2)
      docile (~> 1.1.0)
      json (~> 1.8)
      simplecov-html (~> 0.10.0)
    simplecov-html (0.10.0)
    term-ansicolor (1.3.2)
      tins (~> 1.0)
    thor (0.19.1)
    tins (1.6.0)
    webmock (2.1.0)
      addressable (>= 2.3.6)
      crack (>= 0.3.2)
      hashdiff
    yard (0.8.7.6)

PLATFORMS
  ruby

DEPENDENCIES
  bundler (~> 1.3)
  coveralls
  css_parser!
  hpricot (>= 0.8.3)
  jruby-openssl
  maxitest
  nokogiri (>= 1.4.4)
  nokogumbo
  premailer!
  rake (> 0.8, != 0.9.0)
  redcarpet (~> 3.0)
  webmock
  yard (~> 0.8.7.6)

BUNDLED WITH
   1.12.5
